PATH
  remote: ../itamae-node_env
  specs:
    itamae-node_env (0.0.4)
      itamae (~> 1.1.1)

GEM
  remote: https://rubygems.org/
  specs:
    activesupport (4.2.0)
      i18n (~> 0.7)
      json (~> 1.7, >= 1.7.7)
      minitest (~> 5.1)
      thread_safe (~> 0.3, >= 0.3.4)
      tzinfo (~> 1.1)
    ansi (1.4.3)
    dotenv (1.0.2)
    hashie (3.3.2)
    i18n (0.7.0)
    itamae (1.1.1)
      ansi
      hashie
      specinfra (~> 2.1)
      thor
    itamae-plugin-recipe-nownabe_centos7_base (0.0.4)
      activesupport
      itamae (~> 1.1.1)
    itamae-plugin-recipe-nownabe_nginx (0.0.1)
      itamae (~> 1.1.1)
    itamae-plugin-recipe-nownabe_percona (0.0.1)
      itamae-plugin-recipe-nownabe_centos7_base (~> 0.0.2)
    json (1.8.1)
    minitest (5.5.0)
    net-scp (1.2.1)
      net-ssh (>= 2.6.5)
    net-ssh (2.9.1)
    specinfra (2.11.2)
      net-scp
      net-ssh
    thor (0.19.1)
    thread_safe (0.3.4)
    tzinfo (1.2.2)
      thread_safe (~> 0.1)

PLATFORMS
  ruby

DEPENDENCIES
  dotenv
  itamae-node_env!
  itamae-plugin-recipe-nownabe_centos7_base
  itamae-plugin-recipe-nownabe_nginx
  itamae-plugin-recipe-nownabe_percona
